GEM
  remote: https://rubygems.org/
  specs:
    joybox (1.1.1)
      rake
    rake (10.1.1)
    sugarcube (1.3.11)

PLATFORMS
  ruby

DEPENDENCIES
  joybox
  rake
  sugarcube
